PATH
  remote: .
  specs:
    bishop (0.1)

GEM
  remote: https://rubygems.org/
  specs:
    ansi (1.5.0)
    builder (3.2.3)
    color_pound_spec_reporter (0.0.9)
      bundler
      minitest
      minitest-reporters (>= 0.14.24)
      rake
    minitest (5.11.3)
    minitest-reporters (1.3.2)
      ansi
      builder
      minitest (>= 5.0)
      ruby-progressbar
    minitest-spec-context (0.0.3)
    rake (10.5.0)
    ruby-progressbar (1.10.0)

PLATFORMS
  ruby

DEPENDENCIES
  bishop!
  bundler (~> 1.16)
  color_pound_spec_reporter
  minitest (~> 5.0)
  minitest-reporters (~> 1.1, >= 1.1.11)
  minitest-spec-context
  rake (~> 10.0)

BUNDLED WITH
   1.16.1
